PATH
  remote: .
  specs:
    omniauth-pinterest (1.0.0)
      omniauth (~> 1.0)
      omniauth-oauth2 (~> 1.0)

GEM
  remote: http://rubygems.org/
  specs:
    addressable (2.2.7)
    crack (0.3.1)
    diff-lcs (1.1.3)
    faraday (0.7.6)
      addressable (~> 2.2)
      multipart-post (~> 1.1)
      rack (~> 1.1)
    ffi (1.0.11)
    growl (1.0.3)
    guard (1.0.1)
      ffi (>= 0.5.0)
      thor (~> 0.14.6)
    guard-bundler (0.1.3)
      bundler (>= 1.0.0)
      guard (>= 0.2.2)
    guard-rspec (0.7.0)
      guard (>= 0.10.0)
    hashie (1.2.0)
    multi_json (1.2.0)
    multipart-post (1.1.5)
    oauth2 (0.5.2)
      faraday (~> 0.7)
      multi_json (~> 1.0)
    omniauth (1.0.3)
      hashie (~> 1.2)
      rack
    omniauth-oauth2 (1.0.0)
      oauth2 (~> 0.5.0)
      omniauth (~> 1.0)
    rack (1.4.1)
    rack-test (0.6.1)
      rack (>= 1.0)
    rb-fsevent (0.9.0)
    rspec (2.9.0)
      rspec-core (~> 2.9.0)
      rspec-expectations (~> 2.9.0)
      rspec-mocks (~> 2.9.0)
    rspec-core (2.9.0)
    rspec-expectations (2.9.1)
      diff-lcs (~> 1.1.3)
    rspec-mocks (2.9.0)
    simplecov (0.6.1)
      multi_json (~> 1.0)
      simplecov-html (~> 0.5.3)
    simplecov-html (0.5.3)
    thor (0.14.6)
    webmock (1.8.6)
      addressable (>= 2.2.7)
      crack (>= 0.1.7)

PLATFORMS
  ruby

DEPENDENCIES
  growl
  guard
  guard-bundler
  guard-rspec
  omniauth-pinterest!
  rack-test
  rb-fsevent
  rspec (~> 2.7)
  simplecov
  webmock
